GEM
  remote: https://rubygems.org/
  specs:
    RubySunrise (0.3.1)
      tzinfo
    concurrent-ruby (1.1.5)
    jwt (2.2.1)
    mail (2.7.1)
      mini_mime (>= 0.1.1)
    mime (0.4.4)
    mini_mime (1.0.2)
    nexmo (6.1.0)
      jwt (~> 2)
      zeitwerk (~> 2)
    ruby-gmail (0.3.1)
      mail (>= 2.2.1)
      mime (>= 0.1)
      shared-mime-info
    shared-mime-info (0.2.5)
    tzinfo (2.0.0)
      concurrent-ruby (~> 1.0)
    zeitwerk (2.2.1)

PLATFORMS
  ruby

DEPENDENCIES
  RubySunrise
  nexmo
  ruby-gmail
  tzinfo

BUNDLED WITH
   2.0.2
